PATH
  remote: .
  specs:
    fluent-plugin-sakuraio (0.2.1)
      eventmachine
      faye-websocket
      fluentd (>= 0.14, < 2)
      yajl-ruby

GEM
  remote: https://rubygems.org/
  specs:
    ast (2.4.0)
    codecov (0.1.16)
      json
      simplecov
      url
    concurrent-ruby (1.1.6)
    cool.io (1.6.0)
    daemons (1.3.1)
    dig_rb (1.0.1)
    docile (1.3.2)
    eventmachine (1.2.7)
    faye-websocket (0.10.9)
      eventmachine (>= 0.12.0)
      websocket-driver (>= 0.5.1)
    fluentd (1.8.1)
      cool.io (>= 1.4.5, < 2.0.0)
      dig_rb (~> 1.0.0)
      http_parser.rb (>= 0.5.1, < 0.7.0)
      msgpack (>= 1.2.0, < 2.0.0)
      serverengine (>= 2.0.4, < 3.0.0)
      sigdump (~> 0.2.2)
      strptime (>= 0.2.2, < 1.0.0)
      tzinfo (>= 1.0, < 3.0)
      tzinfo-data (~> 1.0)
      yajl-ruby (~> 1.0)
    http_parser.rb (0.6.0)
    jaro_winkler (1.5.4)
    json (2.3.0)
    msgpack (1.3.3)
    parallel (1.19.1)
    parser (2.7.0.1)
      ast (~> 2.4.0)
    power_assert (1.1.5)
    rack (2.0.8)
    rainbow (3.0.0)
    rake (13.0.1)
    rubocop (0.79.0)
      jaro_winkler (~> 1.5.1)
      parallel (~> 1.10)
      parser (>= 2.7.0.1)
      rainbow (>= 2.2.2, < 4.0)
      ruby-progressbar (~> 1.7)
      unicode-display_width (>= 1.4.0, < 1.7)
    rubocop-performance (1.5.2)
      rubocop (>= 0.71.0)
    ruby-progressbar (1.10.1)
    serverengine (2.2.1)
      sigdump (~> 0.2.2)
    sigdump (0.2.4)
    simplecov (0.17.1)
      docile (~> 1.1)
      json (>= 1.8, < 3)
      simplecov-html (~> 0.10.0)
    simplecov-html (0.10.2)
    strptime (0.2.4)
    test-unit (3.3.4)
      power_assert
    thin (1.7.2)
      daemons (~> 1.0, >= 1.0.9)
      eventmachine (~> 1.0, >= 1.0.4)
      rack (>= 1, < 3)
    tzinfo (2.0.2)
      concurrent-ruby (~> 1.0)
    tzinfo-data (1.2020.1)
      tzinfo (>= 1.0.0)
    unicode-display_width (1.6.0)
    url (0.3.2)
    websocket-driver (0.7.2)
      websocket-extensions (>= 0.1.0)
    websocket-extensions (0.1.5)
    yajl-ruby (1.4.1)

PLATFORMS
  ruby

DEPENDENCIES
  bundler
  codecov
  fluent-plugin-sakuraio!
  rack
  rake
  rubocop
  rubocop-performance
  test-unit
  thin

BUNDLED WITH
   2.1.4
